PATH
  remote: .
  specs:
    vimr (0.1.0)
      tty-cursor
      unicode-display_width

GEM
  remote: https://rubygems.org/
  specs:
    rake (10.5.0)
    tty-cursor (0.5.0)
    unicode-display_width (1.3.0)

PLATFORMS
  ruby

DEPENDENCIES
  bundler (~> 1.16)
  rake (~> 10.0)
  vimr!

BUNDLED WITH
   1.16.1
